PATH
  remote: .
  specs:
    simple-command (0.4)
      simple_option_parser (~> 0.3)

GEM
  remote: https://rubygems.org/
  specs:
    hashstruct (1.3.2)
    minitest (5.14.4)
    minitest-power_assert (0.3.1)
      minitest
      power_assert (>= 1.1)
    power_assert (2.0.1)
    rake (13.0.6)
    simple_option_parser (0.4)
      hashstruct (~> 1.3)

PLATFORMS
  arm64-darwin-20

DEPENDENCIES
  bundler (~> 2.2)
  minitest (~> 5.14)
  minitest-power_assert (~> 0.3)
  rake (~> 13.0)
  simple-command!

BUNDLED WITH
   2.2.31
